GEM
  remote: https://rubygems.org/
  specs:
    github-api (0.0.1)
      httparty
    httparty (0.14.0)
      multi_xml (>= 0.5.2)
    multi_xml (0.5.5)

PLATFORMS
  ruby

DEPENDENCIES
  github-api
  httparty

BUNDLED WITH
   1.13.6
