GEM
  remote: https://rubygems.org/
  specs:
    addressable (2.4.0)
    descendants_tracker (0.0.4)
      thread_safe (~> 0.3, >= 0.3.1)
    faraday (0.9.2)
      multipart-post (>= 1.2, < 3)
    github_api (0.14.4)
      addressable (~> 2.4.0)
      descendants_tracker (~> 0.0.4)
      faraday (~> 0.8, < 0.10)
      hashie (>= 3.4)
      oauth2 (~> 1.0.0)
    hashie (3.4.4)
    httparty (0.13.7)
      json (~> 1.8)
      multi_xml (>= 0.5.2)
    json (1.8.3)
    jwt (1.5.4)
    multi_json (1.12.1)
    multi_xml (0.5.5)
    multipart-post (2.0.0)
    oauth2 (1.0.0)
      faraday (>= 0.8, < 0.10)
      jwt (~> 1.0)
      multi_json (~> 1.3)
      multi_xml (~> 0.5)
      rack (~> 1.2)
    rack (1.6.4)
    thread_safe (0.3.5)

PLATFORMS
  ruby

DEPENDENCIES
  github_api
  httparty

BUNDLED WITH
   1.12.5
