GEM
  remote: https://rubygems.org/
  specs:
    figaro (1.1.1)
      thor (~> 0.14)
    httparty (0.13.7)
      json (~> 1.8)
      multi_xml (>= 0.5.2)
    json (1.8.3)
    multi_xml (0.5.5)
    thor (0.19.1)

PLATFORMS
  ruby

DEPENDENCIES
  figaro
  httparty

BUNDLED WITH
   1.11.2
