GEM
  remote: https://rubygems.org/
  specs:
    byebug (9.0.6)
    coderay (1.1.1)
    github-api (0.0.1)
      httparty
    httparty (0.14.0)
      multi_xml (>= 0.5.2)
    method_source (0.8.2)
    multi_xml (0.6.0)
    pry (0.10.4)
      coderay (~> 1.1.0)
      method_source (~> 0.8.1)
      slop (~> 3.4)
    pry-byebug (3.4.2)
      byebug (~> 9.0)
      pry (~> 0.10)
    slop (3.6.0)

PLATFORMS
  ruby

DEPENDENCIES
  github-api
  pry-byebug

BUNDLED WITH
   1.14.6
