GEM
  remote: https://rubygems.org/
  specs:
    awesome_print (1.6.1)
    envyable (0.2.0)
    httparty (0.13.7)
      json (~> 1.8)
      multi_xml (>= 0.5.2)
    json (1.8.3)
    multi_xml (0.5.5)
    stamp (0.6.0)

PLATFORMS
  ruby

DEPENDENCIES
  awesome_print
  envyable
  httparty
  stamp

BUNDLED WITH
   1.10.6
